GEM
  remote: http://rubygems.org/
  specs:
    haml (5.1.1)
      temple (>= 0.8.0)
      tilt
    maruku (0.7.3)
    mustermann (1.0.3)
    rack (2.2.3.1)
    rack-protection (2.0.5)
      rack
    rake (13.0.1)
    sinatra (2.0.5)
      mustermann (~> 1.0)
      rack (~> 2.0)
      rack-protection (= 2.0.5)
      tilt (~> 2.0)
    temple (0.8.1)
    tilt (2.0.9)

PLATFORMS
  ruby

DEPENDENCIES
  haml
  maruku
  rack (>= 2.1.4)
  rake (>= 12.3.3)
  sinatra

RUBY VERSION
   ruby 2.7.2p137

BUNDLED WITH
   2.1.4
